PATH
  remote: ../idlc
  specs:
    idlc (0.1.0)
      activesupport
      commander (~> 5)
      sorbet-runtime
      treetop (= 1.6.12)

PATH
  remote: ../udb_helpers
  specs:
    udb_helpers (0.1.0)

PATH
  remote: .
  specs:
    udb (0.1.0)
      activesupport
      asciidoctor
      awesome_print
      concurrent-ruby
      idlc
      json_schemer
      numbers_and_words
      ruby-minisat
      sorbet-runtime
      terminal-table
      thor
      tilt
      udb_helpers

GEM
  remote: https://rubygems.org/
  specs:
    activesupport (8.0.2.1)
      base64
      benchmark (>= 0.3)
      bigdecimal
      concurrent-ruby (~> 1.0, >= 1.3.1)
      connection_pool (>= 2.2.5)
      drb
      i18n (>= 1.6, < 2)
      logger (>= 1.4.2)
      minitest (>= 5.1)
      securerandom (>= 0.3)
      tzinfo (~> 2.0, >= 2.0.5)
      uri (>= 0.13.1)
    asciidoctor (2.0.23)
    ast (2.4.3)
    awesome_print (1.9.2)
    base64 (0.3.0)
    benchmark (0.4.1)
    bigdecimal (3.2.3)
    commander (5.0.0)
      highline (~> 3.0.0)
    concurrent-ruby (1.3.5)
    connection_pool (2.5.4)
    docile (1.4.1)
    drb (2.2.3)
    erubi (1.13.1)
    hana (1.3.7)
    highline (3.0.1)
    i18n (1.14.7)
      concurrent-ruby (~> 1.0)
    json (2.14.1)
    json_schemer (1.0.3)
      hana (~> 1.3)
      regexp_parser (~> 2.0)
      simpleidn (~> 0.2)
    language_server-protocol (3.17.0.5)
    lint_roller (1.1.0)
    logger (1.7.0)
    minitest (5.25.5)
    netrc (0.11.0)
    numbers_and_words (1.0.2)
      i18n (<= 2)
    parallel (1.27.0)
    parser (3.3.9.0)
      ast (~> 2.4.1)
      racc
    polyglot (0.3.5)
    prism (1.5.1)
    racc (1.8.1)
    rack (3.2.1)
    rainbow (3.1.1)
    rbi (0.3.6)
      prism (~> 1.0)
      rbs (>= 3.4.4)
    rbs (3.9.5)
      logger
    regexp_parser (2.11.3)
    rexml (3.4.4)
    rubocop (1.80.2)
      json (~> 2.3)
      language_server-protocol (~> 3.17.0.2)
      lint_roller (~> 1.1.0)
      parallel (~> 1.10)
      parser (>= 3.3.0.2)
      rainbow (>= 2.2.2, < 4.0)
      regexp_parser (>= 2.9.3, < 3.0)
      rubocop-ast (>= 1.46.0, < 2.0)
      ruby-progressbar (~> 1.7)
      unicode-display_width (>= 2.4.0, < 4.0)
    rubocop-ast (1.46.0)
      parser (>= 3.3.7.2)
      prism (~> 1.4)
    rubocop-github (0.26.0)
      rubocop (>= 1.76)
      rubocop-performance (>= 1.24)
      rubocop-rails (>= 2.23)
    rubocop-minitest (0.38.2)
      lint_roller (~> 1.1)
      rubocop (>= 1.75.0, < 2.0)
      rubocop-ast (>= 1.38.0, < 2.0)
    rubocop-performance (1.26.0)
      lint_roller (~> 1.1)
      rubocop (>= 1.75.0, < 2.0)
      rubocop-ast (>= 1.44.0, < 2.0)
    rubocop-rails (2.33.3)
      activesupport (>= 4.2.0)
      lint_roller (~> 1.1)
      rack (>= 1.1)
      rubocop (>= 1.75.0, < 2.0)
      rubocop-ast (>= 1.44.0, < 2.0)
    rubocop-sorbet (0.10.5)
      lint_roller
      rubocop (>= 1.75.2)
    ruby-minisat (2.2.0.2)
    ruby-progressbar (1.13.0)
    securerandom (0.4.1)
    simplecov (0.22.0)
      docile (~> 1.1)
      simplecov-html (~> 0.11)
      simplecov_json_formatter (~> 0.1)
    simplecov-html (0.13.2)
    simplecov_json_formatter (0.1.4)
    simpleidn (0.2.3)
    sorbet (0.6.12550)
      sorbet-static (= 0.6.12550)
    sorbet-runtime (0.6.12550)
    sorbet-static (0.6.12550-aarch64-linux)
    sorbet-static (0.6.12550-x86_64-linux)
    sorbet-static-and-runtime (0.6.12550)
      sorbet (= 0.6.12550)
      sorbet-runtime (= 0.6.12550)
    spoom (1.6.3)
      erubi (>= 1.10.0)
      prism (>= 0.28.0)
      rbi (>= 0.3.3)
      rexml (>= 3.2.6)
      sorbet-static-and-runtime (>= 0.5.10187)
      thor (>= 0.19.2)
    tapioca (0.16.11)
      benchmark
      bundler (>= 2.2.25)
      netrc (>= 0.11.0)
      parallel (>= 1.21.0)
      rbi (~> 0.2)
      sorbet-static-and-runtime (>= 0.5.11087)
      spoom (>= 1.2.0)
      thor (>= 1.2.0)
      yard-sorbet
    terminal-table (4.0.0)
      unicode-display_width (>= 1.1.1, < 4)
    thor (1.4.0)
    tilt (2.6.1)
    treetop (1.6.12)
      polyglot (~> 0.3)
    tzinfo (2.0.6)
      concurrent-ruby (~> 1.0)
    unicode-display_width (3.2.0)
      unicode-emoji (~> 4.1)
    unicode-emoji (4.1.0)
    uri (1.0.3)
    yard (0.9.37)
    yard-sorbet (0.9.0)
      sorbet-runtime
      yard

PLATFORMS
  aarch64-linux
  x86_64-linux

DEPENDENCIES
  idlc!
  rubocop-github
  rubocop-minitest
  rubocop-performance
  rubocop-sorbet
  simplecov
  sorbet
  tapioca
  udb!
  udb_helpers!
  yard
  yard-sorbet

BUNDLED WITH
   2.4.20
